PATH
  remote: .
  specs:
    xeroizer (2.15.5)
      activesupport
      builder (>= 2.1.2)
      i18n (>= 0.6.9)
      nokogiri
      oauth (= 0.4.5)
      tzinfo

GEM
  remote: https://rubygems.org/
  specs:
    activesupport (3.2.18)
      i18n (~> 0.6, >= 0.6.4)
      multi_json (~> 1.0)
    ansi (1.4.3)
    builder (3.2.2)
    i18n (0.6.10)
    metaclass (0.0.4)
    mime-types (2.3)
    mini_portile (0.6.0)
    minitest (4.7.5)
    mocha (1.1.0)
      metaclass (~> 0.0.1)
    multi_json (1.10.1)
    nokogiri (1.6.2.1)
      mini_portile (= 0.6.0)
    oauth (0.4.5)
    rake (10.3.2)
    redcarpet (3.1.2)
    rest-client (1.6.7)
      mime-types (>= 1.16)
    shoulda (3.5.0)
      shoulda-context (~> 1.0, >= 1.0.1)
      shoulda-matchers (>= 1.4.1, < 3.0)
    shoulda-context (1.2.1)
    shoulda-matchers (2.6.1)
      activesupport (>= 3.0.0)
    test-unit (2.5.5)
    thread_safe (0.3.4)
    turn (0.9.7)
      ansi
      minitest (~> 4)
    tzinfo (1.2.0)
      thread_safe (~> 0.1)
    yard (0.8.7.4)

PLATFORMS
  ruby

DEPENDENCIES
  ansi
  bundler (~> 1.5)
  mocha
  rake
  redcarpet
  rest-client
  shoulda
  test-unit
  turn
  xeroizer!
  yard
